ObjectType = Image
NDims = 3
BinaryData = True
BinaryDataByteOrderMSB = False
CompressedData = False
TransformMatrix = 1 0 0 0 1 0 0 0 1
Offset = -79.3467 -91.3857 -86.5278
CenterOfRotation = 0 0 0
AnatomicalOrientation = RAI
ElementSpacing = 0.625 0.625 3.60001
DimSize = 320 320 20
ElementType = MET_SHORT
ElementDataFile = Case22.raw
