ObjectType = Image
NDims = 3
BinaryData = True
BinaryDataByteOrderMSB = False
CompressedData = False
TransformMatrix = 1 0 0 0 1 0 0 0 1
Offset = 0 0 0
CenterOfRotation = 0 0 0
AnatomicalOrientation = RAI
ElementSpacing = 0.46875 0.46875 3.33
DimSize = 384 384 28
ElementType = MET_CHAR
ElementDataFile = Case34_segmentation.raw
