ObjectType = Image
NDims = 3
BinaryData = True
BinaryDataByteOrderMSB = False
CompressedData = False
TransformMatrix = 1 0 0 0 1 0 0 0 1
Offset = -84.8645 -92.3757 -63.4894
CenterOfRotation = 0 0 0
AnatomicalOrientation = RAI
ElementSpacing = 0.625 0.625 3.6
DimSize = 320 320 20
ElementType = MET_CHAR
ElementDataFile = Case19_segmentation.raw
