ObjectType = Image
NDims = 3
BinaryData = True
BinaryDataByteOrderMSB = False
CompressedData = False
TransformMatrix = 0.999992 -0.00137334 0.00366224 0 0.937494 0.348001 -0.00391125 -0.347998 0.937487
Offset = -70.511 -63.2785 -120.97
CenterOfRotation = 0 0 0
AnatomicalOrientation = RAI
ElementSpacing = 0.27344 0.273439 2.2005
DimSize = 512 512 46
ElementType = MET_CHAR
ElementDataFile = Case04_segmentation.raw
