ObjectType = Image
NDims = 3
BinaryData = True
BinaryDataByteOrderMSB = False
CompressedData = False
TransformMatrix = 1 0 0 0 1 0 0 0 1
Offset = -105.105 -92.7447 -42.8494
CenterOfRotation = 0 0 0
AnatomicalOrientation = RAI
ElementSpacing = 0.625 0.625 3.6
DimSize = 320 320 20
ElementType = MET_SHORT
ElementDataFile = Case14.raw
