ObjectType = Image
NDims = 3
BinaryData = True
BinaryDataByteOrderMSB = False
CompressedData = False
TransformMatrix = 1 0 0 0 1 0 0 0 1
Offset = 0 0 0
CenterOfRotation = 0 0 0
AnatomicalOrientation = RAI
ElementSpacing = 0.390625 0.390625 3.3
DimSize = 512 512 23
ElementType = MET_CHAR
ElementDataFile = Case26_segmentation.raw
