ObjectType = Image
NDims = 3
BinaryData = True
BinaryDataByteOrderMSB = False
CompressedData = False
TransformMatrix = 1 0 0 0 0.986286 0.165048 0 -0.165048 0.986286
Offset = -89.5671 -84.3625 -101.746
CenterOfRotation = 0 0 0
AnatomicalOrientation = RAI
ElementSpacing = 0.625 0.625 3.6
DimSize = 320 320 24
ElementType = MET_CHAR
ElementDataFile = Case40_segmentation.raw
